GIT
  remote: https://github.com/cucumber/cucumber.git
  revision: 757bf9f7b0d96b75158fd901625197f02c9b743d
  specs:
    cucumber (1.3.0)
      builder (>= 2.1.2)
      diff-lcs (>= 1.1.3)
      gherkin (~> 2.11.6)
      multi_json (~> 1.3)

GIT
  remote: https://github.com/jnicklas/capybara.git
  revision: dc928a9ec16b327d25a2be46a4b33f0d707825f1
  specs:
    capybara (2.1.0.beta1)
      mime-types (>= 1.16)
      nokogiri (>= 1.3.3)
      rack (>= 1.0.0)
      rack-test (>= 0.5.4)
      xpath (>= 2.0.0.beta1)

GIT
  remote: https://github.com/rspec/rspec.git
  revision: 69994d0e78876c873d3456b08d3a11030c3e0ac4
  specs:
    rspec (2.13.0)
      rspec-core (~> 2.13.0)
      rspec-expectations (~> 2.13.0)
      rspec-mocks (~> 2.13.0)

GEM
  remote: https://rubygems.org/
  specs:
    builder (3.2.0)
    diff-lcs (1.2.2)
    eventmachine (1.0.3)
    faye-websocket (0.4.7)
      eventmachine (>= 0.12.0)
    gherkin (2.11.6)
      json (>= 1.7.6)
    http_parser.rb (0.5.3)
    json (1.7.7)
    mime-types (1.22)
    multi_json (1.7.2)
    mysql (2.9.1)
    nokogiri (1.5.9)
    poltergeist (1.1.0)
      capybara (~> 2.0, >= 2.0.1)
      faye-websocket (~> 0.4, >= 0.4.4)
      http_parser.rb (~> 0.5.3)
    rack (1.5.2)
    rack-test (0.6.2)
      rack (>= 1.0)
    rake (10.0.4)
    rspec-core (2.13.1)
    rspec-expectations (2.13.0)
      diff-lcs (>= 1.1.3, < 2.0)
    rspec-mocks (2.13.0)
    xpath (2.0.0.beta1)
      nokogiri (~> 1.3)

PLATFORMS
  ruby

DEPENDENCIES
  capybara!
  cucumber!
  mysql
  poltergeist
  rake
  rspec!
